PATH
  remote: .
  specs:
    logstash-input-mixcloud (0.1.2)
      logstash-codec-plain
      logstash-core-plugin-api (~> 2.0)
      stud (>= 0.0.22)

GEM
  remote: https://rubygems.org/
  specs:
    ast (2.4.0)
    chronic_duration (0.10.6)
      numerizer (~> 0.1.1)
    clamp (0.6.5)
    coderay (1.1.2)
    concurrent-ruby (1.1.3)
    diff-lcs (1.3)
    elasticsearch (5.0.5)
      elasticsearch-api (= 5.0.5)
      elasticsearch-transport (= 5.0.5)
    elasticsearch-api (5.0.5)
      multi_json
    elasticsearch-transport (5.0.5)
      faraday
      multi_json
    faraday (0.15.4)
      multipart-post (>= 1.2, < 3)
    ffi (1.9.25-java)
    filesize (0.0.4)
    fivemat (1.3.7)
    formatador (0.2.5)
    gem_publisher (1.5.0)
    gems (0.8.3)
    guard (2.15.0)
      formatador (>= 0.2.4)
      listen (>= 2.7, < 4.0)
      lumberjack (>= 1.0.12, < 2.0)
      nenv (~> 0.1)
      notiffany (~> 0.0)
      pry (>= 0.9.12)
      shellany (~> 0.0)
      thor (>= 0.18.1)
    guard-compat (1.2.1)
    guard-rspec (4.7.3)
      guard (~> 2.1)
      guard-compat (~> 1.1)
      rspec (>= 2.99.0, < 4.0)
    i18n (0.6.9)
    insist (1.0.0)
    jar-dependencies (0.4.0)
    jaro_winkler (1.5.1-java)
    jrjackson (0.4.6-java)
    jruby-openssl (0.9.19-java)
    kramdown (1.14.0)
    listen (3.1.5)
      rb-fsevent (~> 0.9, >= 0.9.4)
      rb-inotify (~> 0.9, >= 0.9.7)
      ruby_dep (~> 1.2)
    logstash-codec-plain (3.0.6)
      logstash-core-plugin-api (>= 1.60, <= 2.99)
    logstash-core (5.6.4-java)
      chronic_duration (= 0.10.6)
      clamp (~> 0.6.5)
      concurrent-ruby (~> 1.0, >= 1.0.5)
      elasticsearch (~> 5.0, >= 5.0.4)
      filesize (= 0.0.4)
      gems (~> 0.8.3)
      i18n (= 0.6.9)
      jar-dependencies
      jrjackson (~> 0.4.3)
      jruby-openssl (= 0.9.19)
      manticore (>= 0.5.4, < 1.0.0)
      minitar (~> 0.5.4)
      pry (~> 0.10.1)
      puma (~> 2.16)
      rack (= 1.6.6)
      ruby-maven (~> 3.3.9)
      rubyzip (~> 1.1.7)
      sinatra (~> 1.4, >= 1.4.6)
      stud (~> 0.0.19)
      thread_safe (~> 0.3.5)
      treetop (< 1.5.0)
    logstash-core-plugin-api (2.1.28-java)
      logstash-core (= 5.6.4)
    logstash-devutils (1.3.6-java)
      fivemat
      gem_publisher
      insist (= 1.0.0)
      kramdown (= 1.14.0)
      logstash-core-plugin-api (>= 2.0, <= 2.99)
      minitar
      rake
      rspec (~> 3.0)
      rspec-wait
      stud (>= 0.0.20)
    lumberjack (1.0.13)
    manticore (0.6.4-java)
      openssl_pkcs8_pure
    method_source (0.8.2)
    minitar (0.5.4)
    multi_json (1.13.1)
    multipart-post (2.0.0)
    nenv (0.3.0)
    notiffany (0.1.1)
      nenv (~> 0.1)
      shellany (~> 0.0)
    numerizer (0.1.1)
    openssl_pkcs8_pure (0.0.0.2)
    parallel (1.12.1)
    parser (2.5.3.0)
      ast (~> 2.4.0)
    polyglot (0.3.5)
    powerpack (0.1.2)
    pry (0.10.4-java)
      coderay (~> 1.1.0)
      method_source (~> 0.8.1)
      slop (~> 3.4)
      spoon (~> 0.0)
    pry-doc (0.12.0)
      pry (~> 0.9)
      yard (~> 0.9)
    puma (2.16.0-java)
    rack (1.6.6)
    rack-protection (1.5.5)
      rack
    rainbow (3.0.0)
    rake (12.3.1)
    rb-fsevent (0.10.3)
    rb-inotify (0.9.10)
      ffi (>= 0.5.0, < 2)
    rspec (3.8.0)
      rspec-core (~> 3.8.0)
      rspec-expectations (~> 3.8.0)
      rspec-mocks (~> 3.8.0)
    rspec-core (3.8.0)
      rspec-support (~> 3.8.0)
    rspec-expectations (3.8.2)
      diff-lcs (>= 1.2.0, < 2.0)
      rspec-support (~> 3.8.0)
    rspec-mocks (3.8.0)
      diff-lcs (>= 1.2.0, < 2.0)
      rspec-support (~> 3.8.0)
    rspec-support (3.8.0)
    rspec-wait (0.0.9)
      rspec (>= 3, < 4)
    rubocop (0.60.0)
      jaro_winkler (~> 1.5.1)
      parallel (~> 1.10)
      parser (>= 2.5, != 2.5.1.1)
      powerpack (~> 0.1)
      rainbow (>= 2.2.2, < 4.0)
      ruby-progressbar (~> 1.7)
      unicode-display_width (~> 1.4.0)
    ruby-maven (3.3.12)
      ruby-maven-libs (~> 3.3.9)
    ruby-maven-libs (3.3.9)
    ruby-progressbar (1.10.0)
    ruby_dep (1.5.0)
    rubyzip (1.1.7)
    shellany (0.0.1)
    sinatra (1.4.8)
      rack (~> 1.5)
      rack-protection (~> 1.4)
      tilt (>= 1.3, < 3)
    slop (3.6.0)
    spoon (0.0.6)
      ffi
    stud (0.0.23)
    thor (0.20.3)
    thread_safe (0.3.6-java)
    tilt (2.0.9)
    treetop (1.4.15)
      polyglot
      polyglot (>= 0.3.1)
    unicode-display_width (1.4.0)
    yard (0.9.16)

PLATFORMS
  java

DEPENDENCIES
  guard
  guard-rspec
  logstash-devutils (>= 0.0.16)
  logstash-input-mixcloud!
  pry
  pry-doc
  rspec (~> 3.0)
  rubocop

BUNDLED WITH
   1.17.1
